GEM
  remote: https://rubygems.org/
  specs:
    backports (3.7.0)
    nmatrix (0.2.3)
      packable (~> 1.3, >= 1.3.5)
    numo-narray (0.9.0.4)
    packable (1.3.8)
      backports

PLATFORMS
  ruby

DEPENDENCIES
  nmatrix
  numo-narray

BUNDLED WITH
   1.14.6
