GEM
  remote: https://rubygems.org/
  specs:
    activesupport (5.2.2)
      concurrent-ruby (~> 1.0, >= 1.0.2)
      i18n (>= 0.7, < 2)
      minitest (~> 5.1)
      tzinfo (~> 1.1)
    ast (2.4.0)
    concurrent-ruby (1.1.4)
    et-orbi (1.1.7)
      tzinfo
    fugit (1.1.8)
      et-orbi (~> 1.1, >= 1.1.7)
      raabro (~> 1.1)
    i18n (1.5.3)
      concurrent-ruby (~> 1.0)
    jaro_winkler (1.5.2)
    minitest (5.11.3)
    mustermann (1.0.3)
    parallel (1.13.0)
    parser (2.6.0.0)
      ast (~> 2.4.0)
    powerpack (0.1.2)
    raabro (1.1.6)
    rack (2.0.6)
    rack-protection (2.0.5)
      rack
    rainbow (3.0.0)
    rubocop (0.63.1)
      jaro_winkler (~> 1.5.1)
      parallel (~> 1.10)
      parser (>= 2.5, != 2.5.1.1)
      powerpack (~> 0.1)
      rainbow (>= 2.2.2, < 4.0)
      ruby-progressbar (~> 1.7)
      unicode-display_width (~> 1.4.0)
    ruby-progressbar (1.10.0)
    rufus-scheduler (3.5.2)
      fugit (~> 1.1, >= 1.1.5)
    sinatra (2.0.5)
      mustermann (~> 1.0)
      rack (~> 2.0)
      rack-protection (= 2.0.5)
      tilt (~> 2.0)
    thread_safe (0.3.6)
    tilt (2.0.9)
    tzinfo (1.2.5)
      thread_safe (~> 0.1)
    unicode-display_width (1.4.1)

PLATFORMS
  ruby

DEPENDENCIES
  activesupport
  rubocop
  rufus-scheduler
  sinatra

BUNDLED WITH
   1.17.3
